GEM
  remote: https://rubygems.org/
  specs:
    arduino_firmata (0.3.7)
      args_parser (>= 0.1.4)
      event_emitter (>= 0.2.4)
      serialport (>= 1.1.0)
    args_parser (0.2.0)
    event_emitter (0.2.5)
    hashie (2.0.5)
    httparty (0.12.0)
      json (~> 1.8)
      multi_xml (>= 0.5.2)
    json (1.8.1)
    linda-socket.io-client (0.0.3)
      event_emitter
      hashie
      json
      socket.io-client-simple (>= 0.0.3)
    multi_xml (0.5.5)
    serialport (1.3.0)
    socket.io-client-simple (0.0.4)
      event_emitter
      httparty
      json
      websocket-client-simple (>= 0.0.6)
    websocket (1.1.2)
    websocket-client-simple (0.0.8)
      event_emitter
      websocket

PLATFORMS
  ruby

DEPENDENCIES
  arduino_firmata
  linda-socket.io-client
